GEM
  remote: https://rubygems.org/
  specs:
    colorize (0.8.1)
    devme-sdk-ruby (1.0.0)
      typhoeus (~> 1.0, >= 1.0.1)
    ethon (0.15.0)
      ffi (>= 1.15.0)
    ffi (1.15.5)
    rainbow (3.1.1)
    typhoeus (1.4.0)
      ethon (>= 0.9.0)

PLATFORMS
  ruby

DEPENDENCIES
  colorize (~> 0.8.1)
  devme-sdk-ruby (~> 1.0)
  rainbow (~> 3.1)

BUNDLED WITH
   1.17.2
